GEM
  remote: https://rubygems.org/
  specs:
    breakpoint (2.4.6)
      sass (~> 3.3.0)
      sassy-maps (< 1.0.0)
    sass (3.3.14)
    sassy-maps (0.4.0)
      sass (~> 3.3)
    susy (2.1.3)
      sass (>= 3.3.0, < 3.5)

PLATFORMS
  ruby

DEPENDENCIES
  breakpoint (~> 2.4.2)
  sass (~> 3.2)
  susy (~> 2.0)
